GIT
  remote: git://github.com/ncbo/goo.git
  revision: 56364c76c4654df82a21e66b30376526e997bc7b
  branch: master
  specs:
    goo (0.0.2)
      addressable (= 2.3.5)
      pry
      rdf (= 1.0.8)
      redis
      rest-client
      rsolr
      sparql-client
      systemu
      uuid

GIT
  remote: git://github.com/ncbo/ncbo_annotator.git
  revision: 81ade38bf1fec36858530165113ee49ad2ecee96
  branch: master
  specs:
    ncbo_annotator (0.0.1)
      goo
      ontologies_linked_data
      redis

GIT
  remote: git://github.com/ncbo/ncbo_resolver.git
  revision: 67989c445e53e019b3b3fa4905e0aa9d519df0ed
  specs:
    ncbo_resolver (0.0.1)
      recursive-open-struct
      redis

GIT
  remote: git://github.com/ncbo/ontologies_linked_data.git
  revision: 998cc8aee33ea389549798c4480d1c456f452470
  branch: master
  specs:
    ontologies_linked_data (0.0.1)
      activesupport
      bcrypt
      goo
      json
      libxml-ruby
      multi_json
      ncbo_resource_index
      oj
      pony
      rack
      rack-test
      rsolr
      rubyzip

GIT
  remote: git://github.com/ncbo/resource_index.git
  revision: a680c51507d68eb6f174e5c20b53c7637ab13d95
  specs:
    ncbo_resource_index (0.0.1)
      elasticsearch
      mysql2
      pony
      ref
      ruby-xxHash
      sequel
      typhoeus

GIT
  remote: git://github.com/ncbo/sparql-client.git
  revision: 962e5af6615045a437d79fe27a7301df69d31012
  branch: master
  specs:
    sparql-client (1.0.4.1)
      json_pure (>= 1.4)
      net-http-persistent (>= 1.4)
      rdf (>= 1.0)

GEM
  remote: https://rubygems.org/
  specs:
    activesupport (4.2.1)
      i18n (~> 0.7)
      json (~> 1.7, >= 1.7.7)
      minitest (~> 5.1)
      thread_safe (~> 0.3, >= 0.3.4)
      tzinfo (~> 1.1)
    addressable (2.3.5)
    bcrypt (3.1.10)
    builder (3.2.2)
    coderay (1.1.0)
    cube-ruby (0.0.3)
    domain_name (0.5.24)
      unf (>= 0.0.5, < 1.0.0)
    elasticsearch (1.0.10)
      elasticsearch-api (= 1.0.10)
      elasticsearch-transport (= 1.0.10)
    elasticsearch-api (1.0.10)
      multi_json
    elasticsearch-transport (1.0.10)
      faraday
      multi_json
    ethon (0.7.3)
      ffi (>= 1.3.0)
    faraday (0.9.1)
      multipart-post (>= 1.2, < 3)
    ffi (1.9.8)
    http-cookie (1.0.2)
      domain_name (~> 0.5)
    i18n (0.7.0)
    json (1.8.2)
    json_pure (1.8.2)
    libxml-ruby (2.8.0)
    macaddr (1.7.1)
      systemu (~> 2.6.2)
    mail (2.6.3)
      mime-types (>= 1.16, < 3)
    method_source (0.8.2)
    mime-types (2.6.1)
    minitest (5.7.0)
    multi_json (1.11.0)
    multipart-post (2.0.0)
    mysql2 (0.3.18)
    net-http-persistent (2.9.4)
    netrc (0.10.3)
    oj (2.12.8)
    pony (1.11)
      mail (>= 2.0)
    progressbar (0.21.0)
    pry (0.10.1)
      coderay (~> 1.1.0)
      method_source (~> 0.8.1)
      slop (~> 3.4)
    rack (1.6.1)
    rack-test (0.6.3)
      rack (>= 1.0)
    rdf (1.0.8)
      addressable (>= 2.2)
    recursive-open-struct (0.6.4)
    redis (3.2.1)
    ref (1.0.5)
    rest-client (1.8.0)
      http-cookie (>= 1.0.2, < 2.0)
      mime-types (>= 1.16, < 3.0)
      netrc (~> 0.7)
    rsolr (1.0.12)
      builder (>= 2.1.2)
    ruby-xxHash (0.3.0)
    rubyzip (1.1.7)
    sequel (4.22.0)
    slop (3.6.0)
    systemu (2.6.5)
    thread_safe (0.3.5)
    typhoeus (0.7.1)
      ethon (>= 0.7.1)
    tzinfo (1.2.2)
      thread_safe (~> 0.1)
    unf (0.1.4)
      unf_ext
    unf_ext (0.0.7.1)
    uuid (2.3.7)
      macaddr (~> 1.0)

PLATFORMS
  ruby

DEPENDENCIES
  cube-ruby
  goo!
  ncbo_annotator!
  ncbo_resolver!
  ncbo_resource_index!
  ontologies_linked_data!
  progressbar
  pry
  recursive-open-struct
  redis
  rsolr
  sparql-client!
  systemu
